GEM
  remote: http://rubygems.org/
  specs:
    coderay (1.1.2)
    method_source (0.9.2)
    minitest (5.14.0)
    minitest-focus (1.1.2)
      minitest (>= 4, < 6)
    minitest-power_assert (0.3.1)
      minitest
      power_assert (>= 1.1)
    power_assert (1.1.6)
    pry (0.12.2)
      coderay (~> 1.1.0)
      method_source (~> 0.9.0)
    rake (13.0.1)

PLATFORMS
  ruby

DEPENDENCIES
  minitest (>= 5.0)
  minitest-focus
  minitest-power_assert
  pry
  rake

BUNDLED WITH
   2.1.4
