GEM
  remote: http://rubygems.org/
  specs:
    coderay (1.1.2)
    method_source (0.9.0)
    minitest (5.11.3)
    minitest-focus (1.1.2)
      minitest (>= 4, < 6)
    minitest-power_assert (0.3.0)
      minitest
      power_assert (>= 1.1)
    power_assert (1.1.1)
    pry (0.11.3)
      coderay (~> 1.1.0)
      method_source (~> 0.9.0)
    rake (12.3.3)

PLATFORMS
  ruby

DEPENDENCIES
  minitest (>= 5.0)
  minitest-focus
  minitest-power_assert
  pry
  rake

BUNDLED WITH
   1.16.1
